GEM
  remote: https://rubygems.org/
  specs:
    actionpack (5.1.5)
      actionview (= 5.1.5)
      activesupport (= 5.1.5)
      rack (~> 2.0)
      rack-test (>= 0.6.3)
      rails-dom-testing (~> 2.0)
      rails-html-sanitizer (~> 1.0, >= 1.0.2)
    actionview (5.1.5)
      activesupport (= 5.1.5)
      builder (~> 3.1)
      erubi (~> 1.4)
      rails-dom-testing (~> 2.0)
      rails-html-sanitizer (~> 1.0, >= 1.0.3)
    activemodel (5.1.5)
      activesupport (= 5.1.5)
    activerecord (5.1.5)
      activemodel (= 5.1.5)
      activesupport (= 5.1.5)
      arel (~> 8.0)
    activesupport (5.1.5)
      concurrent-ruby (~> 1.0, >= 1.0.2)
      i18n (~> 0.7)
      minitest (~> 5.1)
      tzinfo (~> 1.1)
    arel (8.0.0)
    axiom-types (0.1.1)
      descendants_tracker (~> 0.0.4)
      ice_nine (~> 0.11.0)
      thread_safe (~> 0.3, >= 0.3.1)
    builder (3.2.3)
    coderay (1.1.2)
    coercible (1.0.0)
      descendants_tracker (~> 0.0.1)
    concurrent-ruby (1.0.5)
    crass (1.0.3)
    descendants_tracker (0.0.4)
      thread_safe (~> 0.3, >= 0.3.1)
    dotenv (2.2.1)
    equalizer (0.0.11)
    erubi (1.7.1)
    faraday (0.14.0)
      multipart-post (>= 1.2, < 3)
    i18n (0.9.5)
      concurrent-ruby (~> 1.0)
    ice_nine (0.11.2)
    inflecto (0.0.2)
    loofah (2.2.2)
      crass (~> 1.0.2)
      nokogiri (>= 1.5.9)
    method_source (0.9.0)
    mini_portile2 (2.3.0)
    minitest (5.11.3)
    multipart-post (2.0.0)
    nokogiri (1.8.2)
      mini_portile2 (~> 2.3.0)
    pry (0.11.3)
      coderay (~> 1.1.0)
      method_source (~> 0.9.0)
    rack (2.0.4)
    rack-test (0.8.3)
      rack (>= 1.0, < 3)
    rails-dom-testing (2.0.3)
      activesupport (>= 4.2.0)
      nokogiri (>= 1.6)
    rails-html-sanitizer (1.0.4)
      loofah (~> 2.2, >= 2.2.2)
    railties (5.1.5)
      actionpack (= 5.1.5)
      activesupport (= 5.1.5)
      method_source
      rake (>= 0.8.7)
      thor (>= 0.18.1, < 2.0)
    rake (12.3.1)
    sentry-raven (2.7.2)
      faraday (>= 0.7.6, < 1.0)
    sqlite3 (1.3.13)
    standalone_migrations (5.2.4)
      activerecord (>= 4.2.7, < 5.2.0)
      railties (>= 4.2.7, < 5.2.0)
      rake (>= 10.0)
    telegram-bot-ruby (0.8.6.1)
      faraday
      inflecto
      virtus
    thor (0.20.0)
    thread_safe (0.3.6)
    tzinfo (1.2.5)
      thread_safe (~> 0.1)
    virtus (1.0.5)
      axiom-types (~> 0.1)
      coercible (~> 1.0)
      descendants_tracker (~> 0.0, >= 0.0.3)
      equalizer (~> 0.0, >= 0.0.9)

PLATFORMS
  ruby

DEPENDENCIES
  activerecord
  activesupport
  dotenv
  nokogiri
  pry
  rake
  sentry-raven
  sqlite3
  standalone_migrations
  telegram-bot-ruby

BUNDLED WITH
   1.16.1
